GIT
  remote: https://github.com/plataformatec/devise.git
  revision: 1f8909458f3e4ae9488188150cee8690c98a7948
  specs:
    devise (1.2.rc)
      bcrypt-ruby (~> 2.1.2)
      orm_adapter (~> 0.0.3)
      warden (~> 1.0.3)

GEM
  remote: http://rubygems.org/
  specs:
    abstract (1.0.0)
    actionmailer (3.0.3)
      actionpack (= 3.0.3)
      mail (~> 2.2.9)
    actionpack (3.0.3)
      activemodel (= 3.0.3)
      activesupport (= 3.0.3)
      builder (~> 2.1.2)
      erubis (~> 2.6.6)
      i18n (~> 0.4)
      rack (~> 1.2.1)
      rack-mount (~> 0.6.13)
      rack-test (~> 0.5.6)
      tzinfo (~> 0.3.23)
    activemodel (3.0.3)
      activesupport (= 3.0.3)
      builder (~> 2.1.2)
      i18n (~> 0.4)
    activerecord (3.0.3)
      activemodel (= 3.0.3)
      activesupport (= 3.0.3)
      arel (~> 2.0.2)
      tzinfo (~> 0.3.23)
    activeresource (3.0.3)
      activemodel (= 3.0.3)
      activesupport (= 3.0.3)
    activesupport (3.0.3)
    acts-as-taggable-on (2.0.6)
    addressable (2.2.4)
    archive-tar-minitar (0.5.2)
    arel (2.0.7)
    bcrypt-ruby (2.1.4)
    builder (2.1.2)
    capybara (0.4.1.1)
      celerity (>= 0.7.9)
      culerity (>= 0.2.4)
      mime-types (>= 1.16)
      nokogiri (>= 1.3.3)
      rack (>= 1.0.0)
      rack-test (>= 0.5.4)
      selenium-webdriver (>= 0.0.27)
      xpath (~> 0.1.3)
    celerity (0.8.7)
    childprocess (0.1.6)
      ffi (~> 0.6.3)
    columnize (0.3.2)
    configuration (1.2.0)
    crack (0.1.8)
    cucumber (0.10.0)
      builder (>= 2.1.2)
      diff-lcs (~> 1.1.2)
      gherkin (~> 2.3.2)
      json (~> 1.4.6)
      term-ansicolor (~> 1.0.5)
    cucumber-rails (0.3.2)
      cucumber (>= 0.8.0)
    culerity (0.2.15)
    dalli (1.0.2)
    database_cleaner (0.6.1)
    diff-lcs (1.1.2)
    erubis (2.6.6)
      abstract (>= 1.0.0)
    faraday (0.5.4)
      addressable (~> 2.2.2)
      multipart-post (~> 1.1.0)
      rack (>= 1.1.0, < 2)
    ffi (0.6.3)
      rake (>= 0.8.7)
    forgery (0.3.6)
    formtastic (1.2.3)
      actionpack (>= 2.3.7)
      activesupport (>= 2.3.7)
      i18n (~> 0.4)
    gherkin (2.3.3)
      json (~> 1.4.6)
    haml (3.0.25)
    haml-rails (0.3.4)
      actionpack (~> 3.0)
      activesupport (~> 3.0)
      haml (~> 3.0)
      railties (~> 3.0)
    heroku (1.17.10)
      json (~> 1.4.6)
      launchy (~> 0.3.2)
      rest-client (>= 1.4.0, < 1.7.0)
    hirb (0.3.6)
    httparty (0.7.3)
      crack (= 0.1.8)
    i18n (0.5.0)
    infinity_test (1.0.2)
      notifiers (>= 1.1.0)
      watchr (>= 0.7)
    jquery-rails (0.2.6)
      rails (~> 3.0)
      thor (~> 0.14.4)
    json (1.4.6)
    json_pure (1.5.1)
    launchy (0.3.7)
      configuration (>= 0.0.5)
      rake (>= 0.8.1)
    linecache19 (0.5.11)
      ruby_core_source (>= 0.1.4)
    machinist (1.0.6)
    mail (2.2.15)
      activesupport (>= 2.3.6)
      i18n (>= 0.4.0)
      mime-types (~> 1.16)
      treetop (~> 1.4.8)
    mechanize (1.0.0)
      nokogiri (>= 1.2.1)
    mime-types (1.16)
    multi_json (0.0.5)
    multipart-post (1.1.0)
    nifty-generators (0.4.4)
    nokogiri (1.4.4)
    notifiers (1.1.0)
    oa-core (0.1.6)
      rack (~> 1.1)
    oa-oauth (0.1.6)
      multi_json (~> 0.0.2)
      nokogiri (~> 1.4.2)
      oa-core (= 0.1.6)
      oauth (~> 0.4.0)
      oauth2 (~> 0.1.0)
    oauth (0.4.4)
    oauth2 (0.1.1)
      faraday (~> 0.5.0)
      multi_json (~> 0.0.4)
    orm_adapter (0.0.4)
    pg (0.10.1)
    polyglot (0.3.1)
    rack (1.2.1)
    rack-mount (0.6.13)
      rack (>= 1.0.0)
    rack-test (0.5.7)
      rack (>= 1.0)
    rails (3.0.3)
      actionmailer (= 3.0.3)
      actionpack (= 3.0.3)
      activerecord (= 3.0.3)
      activeresource (= 3.0.3)
      activesupport (= 3.0.3)
      bundler (~> 1.0)
      railties (= 3.0.3)
    railties (3.0.3)
      actionpack (= 3.0.3)
      activesupport (= 3.0.3)
      rake (>= 0.8.7)
      thor (~> 0.14.4)
    rake (0.8.7)
    redis (2.1.1)
    redis-namespace (0.8.0)
      redis (< 3.0.0)
    remarkable (4.0.0.alpha4)
      rspec (>= 2.0.0.alpha11)
    remarkable_activemodel (4.0.0.alpha4)
      remarkable (~> 4.0.0.alpha4)
      rspec (>= 2.0.0.alpha11)
    remarkable_activerecord (4.0.0.alpha4)
      remarkable (~> 4.0.0.alpha4)
      remarkable_activemodel (~> 4.0.0.alpha4)
      rspec (>= 2.0.0.alpha11)
    resque (1.10.0)
      json (~> 1.4.6)
      redis-namespace (~> 0.8.0)
      sinatra (>= 0.9.2)
      vegas (~> 0.1.2)
    rest-client (1.6.1)
      mime-types (>= 1.16)
    rspec (2.4.0)
      rspec-core (~> 2.4.0)
      rspec-expectations (~> 2.4.0)
      rspec-mocks (~> 2.4.0)
    rspec-core (2.4.0)
    rspec-expectations (2.4.0)
      diff-lcs (~> 1.1.2)
    rspec-mocks (2.4.0)
    rspec-rails (2.4.1)
      actionpack (~> 3.0)
      activesupport (~> 3.0)
      railties (~> 3.0)
      rspec (~> 2.4.0)
    ruby-debug-base19 (0.11.24)
      columnize (>= 0.3.1)
      linecache19 (>= 0.5.11)
      ruby_core_source (>= 0.1.4)
    ruby-debug19 (0.11.6)
      columnize (>= 0.3.1)
      linecache19 (>= 0.5.11)
      ruby-debug-base19 (>= 0.11.19)
    ruby_core_source (0.1.4)
      archive-tar-minitar (>= 0.5.2)
    rubyzip (0.9.4)
    selenium-webdriver (0.1.2)
      childprocess (~> 0.1.5)
      ffi (~> 0.6.3)
      json_pure
      rubyzip
    simplecov (0.3.9)
      simplecov-html (>= 0.3.7)
    simplecov-html (0.3.9)
    sinatra (1.1.2)
      rack (~> 1.1)
      tilt (~> 1.2)
    sqlite3 (1.3.3)
    term-ansicolor (1.0.5)
    thor (0.14.6)
    tilt (1.2.2)
    treetop (1.4.9)
      polyglot (>= 0.3.1)
    tzinfo (0.3.24)
    vegas (0.1.8)
      rack (>= 1.0.0)
    warden (1.0.3)
      rack (>= 1.0.0)
    watchr (0.7)
    webmock (1.6.2)
      addressable (>= 2.2.2)
      crack (>= 0.1.7)
    will_paginate (2.3.15)
    wirble (0.1.3)
    xpath (0.1.3)
      nokogiri (~> 1.3)

PLATFORMS
  ruby

DEPENDENCIES
  acts-as-taggable-on
  capybara
  cucumber-rails
  dalli
  database_cleaner
  devise!
  forgery
  formtastic
  haml
  haml-rails
  heroku
  hirb
  httparty
  infinity_test
  jquery-rails
  machinist
  mechanize
  nifty-generators
  oa-oauth
  pg
  rails (= 3.0.3)
  remarkable_activerecord (>= 4.0.0.alpha2)
  resque
  rspec-rails
  ruby-debug19
  simplecov
  sqlite3
  webmock
  will_paginate
  wirble
